RESTRICTION: >= net45
NUGET
  remote: https://www.nuget.org/api/v2
    Argu (3.7)
    DotNet.Contracts (1.10.20606.1)
    DotParser (1.0.6)
      FSharp.Core
      FSharpx.Collections.Experimental
    FSharp.Core (4.0.0.1)
    FSharpx.Collections (1.17)
      FSharp.Core
    FSharpx.Collections.Experimental (1.17)
      FSharp.Core
      FSharpx.Collections (>= 1.17)
    IntelliFactory.Reactive (3.6.10.1)
      WebSharper (>= 3.6.20.6)
    IntelliFactory.Xml (0.6.64.1)
    Mono.Addins (1.3.2)
    WebSharper (3.6.20.6)
    WebSharper.Formlets (3.6.10.78)
      IntelliFactory.Reactive (>= 3.6.9.70)
      WebSharper (>= 3.6.12.235)
      WebSharper.Html (>= 3.6.10.22)
    WebSharper.Html (3.6.12.2)
      IntelliFactory.Xml (>= 0.6.63.95)
      WebSharper (>= 3.6.20.6)
    WebSharper.UI.Next (3.6.18.2)
      WebSharper (>= 3.6.20.6)
    YC.PrettyPrinter (0.0.5)
      FSharp.Core
    YC.QuickGraph (3.7.3)
      DotNet.Contracts
      DotParser (>= 1.0.6)
      FSharp.Core
    YC.SDK.Runtime (0.1.1)
      Argu (>= 3.2)
      FSharp.Core (>= 4.0)
      FSharpx.Collections.Experimental (>= 1.15.1)
      Mono.Addins (>= 1.2)
      YC.PrettyPrinter (>= 0.0.5)
      YC.QuickGraph (>= 3.7.3)
      YC.Utils.SourceText (>= 0.3.0.1)
    YC.Utils.SourceText (0.3.0.1)
      FSharp.Core (4.0.0.1)

GROUP Build
NUGET
  remote: https://www.nuget.org/api/v2
    FAKE (4.63)
    FSharp.Compiler.Service (2.0.0.6)
    FSharp.Formatting (2.14.4)
      FSharp.Compiler.Service (2.0.0.6)
      FSharpVSPowerTools.Core (>= 2.3 < 2.4)
    FSharpVSPowerTools.Core (2.3)
      FSharp.Compiler.Service (>= 2.0.0.3)
    Microsoft.Bcl (1.1.10) - restriction: && (< net45) (< win8) (< portable-win81+wpa81)
      Microsoft.Bcl.Build (>= 1.0.14)
    Microsoft.Bcl.Build (1.0.21) - import_targets: false, restriction: && (< net45) (< win8) (< portable-win81+wpa81)
    Microsoft.Net.Http (2.2.29) - restriction: && (< net45) (< win8) (< portable-win81+wpa81)
      Microsoft.Bcl (>= 1.1.10)
      Microsoft.Bcl.Build (>= 1.0.14)
    Octokit (0.24)
      Microsoft.Net.Http  - restriction: && (< net45) (< win8) (< portable-win81+wpa81)
GITHUB
  remote: fsharp/FAKE
    modules/Octokit/Octokit.fsx (291f58cc70aba6dd871cf18e66d2d88357e4f208)
      Octokit (>= 0.20)
GROUP Test
NUGET
  remote: https://www.nuget.org/api/v2
    NUnit (2.6.4)
    NUnit.Runners (2.6.4)
